GIT
  remote: https://github.com/djbwise/dino.git
  revision: c47bbe67e456b0b3956fa43c983f9e5fc7eabb37
  specs:
    dino (0.9.1)
      serialport

GEM
  remote: http://rubygems.org/
  specs:
    capistrano (2.13.5)
      highline
      net-scp (>= 1.0.0)
      net-sftp (>= 2.0.0)
      net-ssh (>= 2.0.14)
      net-ssh-gateway (>= 1.1.0)
    diff-lcs (1.1.3)
    highline (1.6.15)
    mime-types (1.19)
    net-scp (1.0.4)
      net-ssh (>= 1.99.1)
    net-sftp (2.0.5)
      net-ssh (>= 2.0.9)
    net-ssh (2.6.2)
    net-ssh-gateway (1.1.0)
      net-ssh (>= 1.99.1)
    rest-client (1.6.7)
      mime-types (>= 1.16)
    rspec (2.12.0)
      rspec-core (~> 2.12.0)
      rspec-expectations (~> 2.12.0)
      rspec-mocks (~> 2.12.0)
    rspec-core (2.12.2)
    rspec-expectations (2.12.1)
      diff-lcs (~> 1.1.3)
    rspec-mocks (2.12.1)
    serialport (1.1.0)

PLATFORMS
  ruby

DEPENDENCIES
  capistrano
  dino!
  rest-client
  rspec
