PATH
  remote: ~/code/dino
  specs:
    dino (0.9.1)
      serialport

GEM
  remote: http://rubygems.org/
  specs:
    diff-lcs (1.1.3)
    mime-types (1.19)
    rest-client (1.6.7)
      mime-types (>= 1.16)
    rspec (2.12.0)
      rspec-core (~> 2.12.0)
      rspec-expectations (~> 2.12.0)
      rspec-mocks (~> 2.12.0)
    rspec-core (2.12.2)
    rspec-expectations (2.12.1)
      diff-lcs (~> 1.1.3)
    rspec-mocks (2.12.1)
    serialport (1.1.0)

PLATFORMS
  ruby

DEPENDENCIES
  dino!
  rest-client
  rspec
